GEM
  remote: https://rubygems.org/
  specs:
    ast (2.4.0)
    byebug (11.0.1)
    concurrent-ruby (1.1.5)
    dry-configurable (0.8.3)
      concurrent-ruby (~> 1.0)
      dry-core (~> 0.4, >= 0.4.7)
    dry-container (0.7.2)
      concurrent-ruby (~> 1.0)
      dry-configurable (~> 0.1, >= 0.1.3)
    dry-core (0.4.8)
      concurrent-ruby (~> 1.0)
    dry-equalizer (0.2.2)
    dry-events (0.1.1)
      concurrent-ruby (~> 1.0)
      dry-core (~> 0.4)
      dry-equalizer (~> 0.2)
    dry-inflector (0.1.2)
    dry-logic (0.4.2)
      dry-container (~> 0.2, >= 0.2.6)
      dry-core (~> 0.2)
      dry-equalizer (~> 0.2)
    dry-matcher (0.7.0)
    dry-monads (1.0.1)
      concurrent-ruby (~> 1.0)
      dry-core (~> 0.4, >= 0.4.4)
      dry-equalizer
    dry-struct (0.5.1)
      dry-core (~> 0.4, >= 0.4.3)
      dry-equalizer (~> 0.2)
      dry-types (~> 0.13)
      ice_nine (~> 0.11)
    dry-types (0.13.4)
      concurrent-ruby (~> 1.0)
      dry-container (~> 0.3)
      dry-core (~> 0.4, >= 0.4.4)
      dry-equalizer (~> 0.2)
      dry-inflector (~> 0.1, >= 0.1.2)
      dry-logic (~> 0.4, >= 0.4.2)
    dry-validation (0.12.3)
      concurrent-ruby (~> 1.0)
      dry-configurable (~> 0.1, >= 0.1.3)
      dry-core (~> 0.2, >= 0.2.1)
      dry-equalizer (~> 0.2)
      dry-logic (~> 0.4.2)
      dry-types (~> 0.13.1)
    ice_nine (0.11.2)
    jaro_winkler (1.5.3)
    parallel (1.17.0)
    parser (2.6.3.0)
      ast (~> 2.4.0)
    rack (2.0.7)
    rainbow (3.0.0)
    rubocop (0.73.0)
      jaro_winkler (~> 1.5.1)
      parallel (~> 1.10)
      parser (>= 2.6)
      rainbow (>= 2.2.2, < 4.0)
      ruby-progressbar (~> 1.7)
      unicode-display_width (>= 1.4.0, < 1.7)
    rubocop-rails (2.2.1)
      rack (>= 1.1)
      rubocop (>= 0.72.0)
    ruby-progressbar (1.10.1)
    rufo (0.7.0)
    unicode-display_width (1.6.0)

PLATFORMS
  ruby

DEPENDENCIES
  byebug
  dry-events
  dry-matcher (~> 0.7.0)
  dry-monads (~> 1.0.1)
  dry-struct (~> 0.5.1)
  dry-validation (~> 0.12.1)
  rubocop
  rubocop-rails
  rufo

RUBY VERSION
   ruby 2.6.3p62

BUNDLED WITH
   2.0.2
